PATH
  remote: .
  specs:
    clashinator (0.1.0)
      faraday
      faraday_middleware
      json

GEM
  remote: https://rubygems.org/
  specs:
    faraday (0.9.2)
      multipart-post (>= 1.2, < 3)
    faraday_middleware (0.10.0)
      faraday (>= 0.7.4, < 0.10)
    json (1.8.3)
    multipart-post (2.0.0)
    rake (10.5.0)

PLATFORMS
  ruby

DEPENDENCIES
  bundler (~> 1.11)
  clashinator!
  rake (~> 10.0)

BUNDLED WITH
   1.11.2
